GEM
  remote: https://rubygems.org/
  specs:
    httparty (0.11.0)
      multi_json (~> 1.0)
      multi_xml (>= 0.5.2)
    json (1.7.5)
    multi_json (1.5.0)
    multi_xml (0.5.3)
    trollop (2.0)

PLATFORMS
  ruby

DEPENDENCIES
  httparty
  json
  trollop
